GEM
  remote: https://rubygems.org/
  specs:
    ansi (1.5.0)
    builder (3.2.2)
    childprocess (0.5.6)
      ffi (~> 1.0, >= 1.0.11)
    faker (1.5.0)
      i18n (~> 0.5)
    ffi (1.9.10)
    httparty (0.13.3)
      json (~> 1.8)
      multi_xml (>= 0.5.2)
    i18n (0.7.0)
    json (1.8.2)
    minitest (5.4.2)
    minitest-reporters (1.0.10)
      ansi
      builder
      minitest (>= 5.0)
      ruby-progressbar
    multi_json (1.11.2)
    multi_xml (0.5.5)
    rake (10.3.2)
    ruby-progressbar (1.7.1)
    rubyzip (1.1.7)
    selenium-webdriver (2.47.1)
      childprocess (~> 0.5)
      multi_json (~> 1.0)
      rubyzip (~> 1.0)
      websocket (~> 1.0)
    watir-webdriver (0.6.11)
      selenium-webdriver (>= 2.18.0)
    websocket (1.2.2)

PLATFORMS
  ruby

DEPENDENCIES
  faker
  httparty
  minitest
  minitest-reporters
  pry-byebug
  rake
  ruby-progressbar
  watir-webdriver

BUNDLED WITH
   1.10.6
